PATH
  remote: .
  specs:
    git-changelog (0.5.1)
      docopt (~> 0.5, >= 0.5.0)
      rugged (>= 0.23.0)

GEM
  remote: https://rubygems.org/
  specs:
    diff-lcs (1.2.5)
    docopt (0.5.0)
    rspec (3.3.0)
      rspec-core (~> 3.3.0)
      rspec-expectations (~> 3.3.0)
      rspec-mocks (~> 3.3.0)
    rspec-core (3.3.1)
      rspec-support (~> 3.3.0)
    rspec-expectations (3.3.0)
      diff-lcs (>= 1.2.0, < 2.0)
      rspec-support (~> 3.3.0)
    rspec-mocks (3.3.1)
      diff-lcs (>= 1.2.0, < 2.0)
      rspec-support (~> 3.3.0)
    rspec-support (3.3.0)
    rugged (0.23.2)

PLATFORMS
  ruby

DEPENDENCIES
  git-changelog!
  rspec (~> 3.3.0)
