PATH
  remote: .
  specs:
    git-releaselog (0.6.1)
      docopt (~> 0.5, >= 0.5.0)
      rugged (>= 0.23.0)

GEM
  remote: https://rubygems.org/
  specs:
    coderay (1.1.0)
    diff-lcs (1.2.5)
    docopt (0.5.0)
    method_source (0.8.2)
    pry (0.10.2)
      coderay (~> 1.1.0)
      method_source (~> 0.8.1)
      slop (~> 3.4)
    rake (10.4.2)
    rspec (3.3.0)
      rspec-core (~> 3.3.0)
      rspec-expectations (~> 3.3.0)
      rspec-mocks (~> 3.3.0)
    rspec-core (3.3.1)
      rspec-support (~> 3.3.0)
    rspec-expectations (3.3.0)
      diff-lcs (>= 1.2.0, < 2.0)
      rspec-support (~> 3.3.0)
    rspec-mocks (3.3.1)
      diff-lcs (>= 1.2.0, < 2.0)
      rspec-support (~> 3.3.0)
    rspec-support (3.3.0)
    rugged (0.23.2)
    slop (3.6.0)

PLATFORMS
  ruby

DEPENDENCIES
  bundler
  git-releaselog!
  pry
  rake
  rspec (~> 3.3.0)

BUNDLED WITH
   1.10.6
