GEM
  remote: https://rubygems.org/
  specs:
    coderay (1.1.0)
    docopt (0.5.0)
    method_source (0.8.2)
    pry (0.10.1)
      coderay (~> 1.1.0)
      method_source (~> 0.8.1)
      slop (~> 3.4)
    rugged (0.22.2)
    slop (3.6.0)

PLATFORMS
  ruby

DEPENDENCIES
  docopt
  pry
  rugged
